GIT
  remote: https://github.com/alexkorich/codebreaker.git
  revision: 4e8da016e434691099915d07d41a9abb5c88382a
  specs:
    codebreaker (0.1.1)

PATH
  remote: .
  specs:
    codebreaker_racked (0.1.0)

GEM
  remote: https://rubygems.org/
  specs:
    json (1.8.1)
    rack (1.6.1)
    rake (10.4.2)

PLATFORMS
  ruby

DEPENDENCIES
  bundler (~> 1.9)
  codebreaker!
  codebreaker_racked!
  json
  rack
  rake (~> 10.0)
